PATH
  remote: .
  specs:
    geocoder-france_adresse_gouv (0.1.0)
      geocoder (~> 1.6)

GEM
  remote: https://rubygems.org/
  specs:
    diff-lcs (1.4.4)
    geocoder (1.6.4)
    rake (10.5.0)
    rspec (3.10.0)
      rspec-core (~> 3.10.0)
      rspec-expectations (~> 3.10.0)
      rspec-mocks (~> 3.10.0)
    rspec-core (3.10.0)
      rspec-support (~> 3.10.0)
    rspec-expectations (3.10.0)
      diff-lcs (>= 1.2.0, < 2.0)
      rspec-support (~> 3.10.0)
    rspec-mocks (3.10.0)
      diff-lcs (>= 1.2.0, < 2.0)
      rspec-support (~> 3.10.0)
    rspec-support (3.10.0)

PLATFORMS
  ruby

DEPENDENCIES
  bundler (~> 2.1)
  geocoder-france_adresse_gouv!
  rake (~> 10.0)
  rspec (~> 3.0)

BUNDLED WITH
   2.1.4
